PATH
  remote: ../..
  specs:
    sleighs (0.0.1)
      rack (~> 2.x)
      sprockets (~> 3.0)

GEM
  remote: https://rubygems.org/
  specs:
    byebug (9.0.6)
    coffee-script (2.4.1)
      coffee-script-source
      execjs
    coffee-script-source (1.10.0)
    concurrent-ruby (1.0.2)
    daemons (1.2.4)
    eventmachine (1.2.1)
    execjs (2.7.0)
    ffi (1.9.14)
    listen (3.1.1)
      rb-fsevent (>= 0.9.3)
      rb-inotify (>= 0.9.7)
    minitest (5.10.1)
    puma (3.6.2)
    rack (2.0.1)
    rake (10.5.0)
    rb-fsevent (0.9.8)
    rb-inotify (0.9.7)
      ffi (>= 0.5.0)
    rerun (0.11.0)
      listen (~> 3.0)
    sass (3.4.22)
    sprockets (3.7.0)
      concurrent-ruby (~> 1.0)
      rack (> 1, < 3)
    sqlite3 (1.3.12)
    thin (1.7.0)
      daemons (~> 1.0, >= 1.0.9)
      eventmachine (~> 1.0, >= 1.0.4)
      rack (>= 1, < 3)

PLATFORMS
  ruby

DEPENDENCIES
  bundler (~> 1.11)
  byebug
  coffee-script
  coffee-script-source (= 1.10.0)
  listen (= 3.1.1)
  minitest (= 5.10.1)
  puma
  rake (~> 10.0)
  rerun
  sass
  sleighs!
  sqlite3
  thin

BUNDLED WITH
   1.11.2
