PATH
  remote: ../..
  specs:
    sleighs (0.0.1)
      rack (~> 2.x)
      sprockets (~> 3.0)

GEM
  remote: https://rubygems.org/
  specs:
    byebug (9.0.6)
    coffee-script (2.4.1)
      coffee-script-source
      execjs
    coffee-script-source (1.10.0)
    concurrent-ruby (1.0.2)
    execjs (2.7.0)
    minitest (5.10.1)
    rack (2.0.1)
    rake (10.5.0)
    sass (3.4.22)
    sprockets (3.7.0)
      concurrent-ruby (~> 1.0)
      rack (> 1, < 3)
    sqlite3 (1.3.12)

PLATFORMS
  ruby

DEPENDENCIES
  bundler (~> 1.11)
  byebug
  coffee-script
  coffee-script-source (= 1.10.0)
  minitest (= 5.10.1)
  rake (~> 10.0)
  sass
  sleighs!
  sqlite3

BUNDLED WITH
   1.11.2
